GEM
  remote: https://rubygems.org/
  specs:
    backports (3.6.8)
    faraday (0.9.2)
      multipart-post (>= 1.2, < 3)
    hashie (2.0.5)
    jwt (1.5.6)
    mime-types (2.99.3)
    multi_json (1.12.1)
    multi_xml (0.5.5)
    multipart-post (2.0.0)
    netrc (0.11.0)
    oauth2 (0.9.4)
      faraday (>= 0.8, < 0.10)
      jwt (~> 1.0)
      multi_json (~> 1.3)
      multi_xml (~> 0.5)
      rack (~> 1.2)
    rack (1.6.4)
    rack-protection (1.5.3)
      rack
    rack-test (0.6.3)
      rack (>= 1.0)
    rest-client (1.7.3)
      mime-types (>= 1.16, < 3.0)
      netrc (~> 0.7)
    sinatra (1.4.7)
      rack (~> 1.5)
      rack-protection (~> 1.4)
      tilt (>= 1.3, < 3)
    sinatra-contrib (1.4.7)
      backports (>= 2.0)
      multi_json
      rack-protection
      rack-test
      sinatra (~> 1.4.0)
      tilt (>= 1.3, < 3)
    sinatra-reloader (1.0)
      sinatra-contrib
    tilt (2.0.5)
    weibo_2 (0.1.7)
      hashie (~> 2.0.4)
      multi_json (~> 1)
      oauth2 (~> 0.9.1)
      rest-client (~> 1.7.3)

PLATFORMS
  ruby

DEPENDENCIES
  sinatra
  sinatra-reloader
  weibo_2

BUNDLED WITH
   1.12.5
